GIT
  remote: https://github.com/mlsquires/mls_utility
  revision: ca36bfc1a15b22c3f950736a6236b7b2dcebc2f7
  branch: add_executable
  specs:
    mls_utility (0.5.1)
      activemodel (~> 7.0.3)
      activesupport (~> 7.0.3)
      dotenv (~> 2.8.1)
      git (>= 1.12, < 1.14)
      hashdiff (~> 1.0.1)
      iso8601 (~> 0.13.0)
      json (~> 2.6.2)
      octokit (~> 5.6.1)
      semantic_logger (~> 4.12.0)

PATH
  remote: .
  specs:
    db_analyze (0.1.1)
      activemodel (~> 7.0.6)
      activerecord (~> 7.0.6)
      activesupport (~> 7.0.6)
      dotenv (~> 2.8.1)
      git (>= 1.12, < 1.14)
      liquid (~> 5.0.0)
      mls_utility (~> 0.5.1)
      pg (~> 1.4.5)

GEM
  remote: https://rubygems.org/
  specs:
    activemodel (7.0.6)
      activesupport (= 7.0.6)
    activerecord (7.0.6)
      activemodel (= 7.0.6)
      activesupport (= 7.0.6)
    activesupport (7.0.6)
      concurrent-ruby (~> 1.0, >= 1.0.2)
      i18n (>= 1.6, < 2)
      minitest (>= 5.1)
      tzinfo (~> 2.0)
    addressable (2.8.4)
      public_suffix (>= 2.0.2, < 6.0)
    amazing_print (1.5.0)
    ast (2.4.2)
    coderay (1.1.3)
    concurrent-ruby (1.2.2)
    diff-lcs (1.5.0)
    dotenv (2.8.1)
    faraday (2.7.10)
      faraday-net_http (>= 2.0, < 3.1)
      ruby2_keywords (>= 0.0.4)
    faraday-net_http (3.0.2)
    git (1.13.2)
      addressable (~> 2.8)
      rchardet (~> 1.8)
    hashdiff (1.0.1)
    i18n (1.14.1)
      concurrent-ruby (~> 1.0)
    iso8601 (0.13.0)
    json (2.6.3)
    kwalify (0.7.2)
    liquid (5.0.1)
    method_source (1.0.0)
    minitest (5.19.0)
    octokit (5.6.1)
      faraday (>= 1, < 3)
      sawyer (~> 0.9)
    parallel (1.23.0)
    parser (3.2.2.3)
      ast (~> 2.4.1)
      racc
    pg (1.4.5)
    pry (0.14.2)
      coderay (~> 1.1)
      method_source (~> 1.0)
    public_suffix (5.0.3)
    racc (1.7.1)
    rainbow (3.1.1)
    rake (13.0.6)
    rchardet (1.8.0)
    reek (6.1.4)
      kwalify (~> 0.7.0)
      parser (~> 3.2.0)
      rainbow (>= 2.0, < 4.0)
    regexp_parser (2.8.1)
    rexml (3.2.6)
    rspec (3.11.0)
      rspec-core (~> 3.11.0)
      rspec-expectations (~> 3.11.0)
      rspec-mocks (~> 3.11.0)
    rspec-core (3.11.0)
      rspec-support (~> 3.11.0)
    rspec-expectations (3.11.1)
      diff-lcs (>= 1.2.0, < 2.0)
      rspec-support (~> 3.11.0)
    rspec-mocks (3.11.2)
      diff-lcs (>= 1.2.0, < 2.0)
      rspec-support (~> 3.11.0)
    rspec-support (3.11.1)
    rubocop (1.35.1)
      json (~> 2.3)
      parallel (~> 1.10)
      parser (>= 3.1.2.1)
      rainbow (>= 2.2.2, < 4.0)
      regexp_parser (>= 1.8, < 3.0)
      rexml (>= 3.2.5, < 4.0)
      rubocop-ast (>= 1.20.1, < 2.0)
      ruby-progressbar (~> 1.7)
      unicode-display_width (>= 1.4.0, < 3.0)
    rubocop-ast (1.29.0)
      parser (>= 3.2.1.0)
    rubocop-performance (1.14.3)
      rubocop (>= 1.7.0, < 2.0)
      rubocop-ast (>= 0.4.0)
    ruby-progressbar (1.13.0)
    ruby2_keywords (0.0.5)
    sawyer (0.9.2)
      addressable (>= 2.3.5)
      faraday (>= 0.17.3, < 3)
    semantic_logger (4.12.0)
      concurrent-ruby (~> 1.0)
    standard (1.16.1)
      rubocop (= 1.35.1)
      rubocop-performance (= 1.14.3)
    tzinfo (2.0.6)
      concurrent-ruby (~> 1.0)
    unicode-display_width (2.4.2)

PLATFORMS
  x86_64-linux

DEPENDENCIES
  amazing_print (~> 1.5.0)
  bundler (~> 2.3.14)
  db_analyze!
  mls_utility!
  pry (~> 0.14.1)
  rake (~> 13.0.6)
  reek (~> 6.1.1)
  rspec (~> 3.11.0)
  rspec-core (~> 3.11.0)
  rspec-expectations (~> 3.11.1)
  rspec-mocks (~> 3.11.1)
  rspec-support (~> 3.11.1)
  rubocop (~> 1.35.1)
  standard (~> 1.16.1)

BUNDLED WITH
   2.3.26
